GIT
  remote: https://github.com/n-studio/UITableViewWrapper.git
  revision: bc8f6c148abb5737eba3dca0f8f01c8d2ba8339d
  specs:
    bw-tableview (0.0.1)
      bubble-wrap

PATH
  remote: .
  specs:
    view_switcher (0.0.1)
      bubble-wrap

GEM
  remote: https://rubygems.org/
  specs:
    bubble-wrap (1.1.4)
    rake (10.0.3)

PLATFORMS
  ruby

DEPENDENCIES
  bubble-wrap
  bw-tableview!
  rake
  view_switcher!
